GEM
  remote: https://rubygems.org/
  specs:
    kgio (2.11.4)
    rack (2.2.6.4)
    raindrops (0.20.0)
    unicorn (5.1.0)
      kgio (~> 2.6)
      raindrops (~> 0.7)

PLATFORMS
  ruby
  x86_64-darwin-19

DEPENDENCIES
  rack (= 2.2.6.4)
  unicorn (= 5.1.0)

BUNDLED WITH
   1.17.3
